PATH
  remote: ../..
  specs:
    rhales (0.4.0)
      json_schemer (~> 2.3)
      tilt

GEM
  remote: https://rubygems.org/
  specs:
    base64 (0.3.0)
    bcrypt (3.1.20)
    bigdecimal (3.2.2)
    byebug (12.0.0)
    chunky_png (1.4.0)
    coderay (1.1.3)
    date (3.4.1)
    diff-lcs (1.6.2)
    ffi (1.17.2-aarch64-linux-gnu)
    ffi (1.17.2-aarch64-linux-musl)
    ffi (1.17.2-arm-linux-gnu)
    ffi (1.17.2-arm-linux-musl)
    ffi (1.17.2-arm64-darwin)
    ffi (1.17.2-x86-linux-gnu)
    ffi (1.17.2-x86-linux-musl)
    ffi (1.17.2-x86_64-darwin)
    ffi (1.17.2-x86_64-linux-gnu)
    ffi (1.17.2-x86_64-linux-musl)
    hana (1.3.7)
    json_schemer (2.4.0)
      bigdecimal
      hana (~> 1.3)
      regexp_parser (~> 2.0)
      simpleidn (~> 0.2)
    listen (3.9.0)
      rb-fsevent (~> 0.10, >= 0.10.3)
      rb-inotify (~> 0.9, >= 0.9.10)
    logger (1.7.0)
    mail (2.8.1)
      mini_mime (>= 0.1.1)
      net-imap
      net-pop
      net-smtp
    method_source (1.1.0)
    mini_mime (1.1.5)
    net-imap (0.5.9)
      date
      net-protocol
    net-pop (0.1.2)
      net-protocol
    net-protocol (0.2.2)
      timeout
    net-smtp (0.5.1)
      net-protocol
    nio4r (2.7.4)
    pry (0.15.2)
      coderay (~> 1.1)
      method_source (~> 1.0)
    pry-byebug (3.11.0)
      byebug (~> 12.0)
      pry (>= 0.13, < 0.16)
    puma (6.6.0)
      nio4r (~> 2.0)
    rack (3.1.16)
    rack-session (2.1.1)
      base64 (>= 0.1.0)
      rack (>= 3.0.0)
    rackup (2.2.1)
      rack (>= 3)
    rake (13.3.0)
    rb-fsevent (0.11.2)
    rb-inotify (0.11.1)
      ffi (~> 1.0)
    regexp_parser (2.11.3)
    rerun (0.14.0)
      listen (~> 3.0)
    roda (3.93.0)
      rack
    rodauth (2.39.0)
      roda (>= 2.6.0)
      sequel (>= 4)
    rotp (6.3.0)
    rqrcode (3.1.0)
      chunky_png (~> 1.0)
      rqrcode_core (~> 2.0)
    rqrcode_core (2.0.0)
    rspec (3.13.1)
      rspec-core (~> 3.13.0)
      rspec-expectations (~> 3.13.0)
      rspec-mocks (~> 3.13.0)
    rspec-core (3.13.5)
      rspec-support (~> 3.13.0)
    rspec-expectations (3.13.5)
      diff-lcs (>= 1.2.0, < 2.0)
      rspec-support (~> 3.13.0)
    rspec-mocks (3.13.5)
      diff-lcs (>= 1.2.0, < 2.0)
      rspec-support (~> 3.13.0)
    rspec-support (3.13.4)
    sequel (5.94.0)
      bigdecimal
    simpleidn (0.2.3)
    sqlite3 (2.7.1-aarch64-linux-gnu)
    sqlite3 (2.7.1-aarch64-linux-musl)
    sqlite3 (2.7.1-arm-linux-gnu)
    sqlite3 (2.7.1-arm-linux-musl)
    sqlite3 (2.7.1-arm64-darwin)
    sqlite3 (2.7.1-x86-linux-gnu)
    sqlite3 (2.7.1-x86-linux-musl)
    sqlite3 (2.7.1-x86_64-darwin)
    sqlite3 (2.7.1-x86_64-linux-gnu)
    sqlite3 (2.7.1-x86_64-linux-musl)
    tilt (2.3.0)
    timeout (0.4.3)

PLATFORMS
  aarch64-linux-gnu
  aarch64-linux-musl
  arm-linux-gnu
  arm-linux-musl
  arm64-darwin
  x86-linux-gnu
  x86-linux-musl
  x86_64-darwin
  x86_64-linux-gnu
  x86_64-linux-musl

DEPENDENCIES
  bcrypt (~> 3.1)
  logger
  mail
  pry
  pry-byebug
  puma (~> 6.4)
  rack-session (~> 2.0)
  rackup
  rake
  rerun
  rhales!
  roda (~> 3.84)
  rodauth (~> 2.36)
  rotp
  rqrcode
  rspec
  sequel (~> 5.85)
  sqlite3 (~> 2.0)
  tilt

BUNDLED WITH
   2.6.6
